GEM
  remote: https://rubygems.org/
  specs:
    business (2.3.0)
    uk_phone_numbers (0.1.1)

PLATFORMS
  arm64-darwin-24
  ruby

DEPENDENCIES
  business (~> 2.3.0)
  uk_phone_numbers (~> 0.1.0)

BUNDLED WITH
   2.6.3
